PATH
  remote: .
  specs:
    bedrocket-net-http-spy (0.2.1)
      bedrocket-net-http-spy

GEM
  remote: http://www.rubygems.org/
  specs:

PLATFORMS
  ruby
  x86-mingw32

DEPENDENCIES
  bedrocket-net-http-spy!
